GEM
  remote: https://rubygems.org/
  remote: https://rails-assets.org/
  specs:
    coffee-script (2.4.1)
      coffee-script-source
      execjs
    coffee-script-source (1.12.2)
    execjs (2.7.0)
    ffi (1.9.25)
    hike (1.2.3)
    libv8 (3.16.14.19)
    multi_json (1.13.1)
    puma (3.12.0)
    rack (1.6.11)
    rack-protection (1.5.5)
      rack
    rails-assets-bootstrap (3.3.7)
      rails-assets-jquery (>= 1.9.1, < 4)
    rails-assets-bootswatch-dist (3.3.4.superhero)
      rails-assets-jquery (>= 1.9.0)
    rails-assets-jquery (3.3.1)
    rails-assets-jstree (3.3.7)
      rails-assets-jquery (>= 1.9.1)
    rails-assets-jstree-bootstrap-theme (1.0.2)
      rails-assets-bootstrap (~> 3.0)
      rails-assets-jquery (>= 1.11.1)
      rails-assets-jstree (~> 3.3.4)
    rake (10.5.0)
    rb-fsevent (0.10.3)
    rb-inotify (0.10.0)
      ffi (~> 1.0)
    ref (2.0.0)
    sass (3.7.3)
      sass-listen (~> 4.0.0)
    sass-listen (4.0.0)
      rb-fsevent (~> 0.9, >= 0.9.4)
      rb-inotify (~> 0.9, >= 0.9.7)
    sassc (2.0.0)
      ffi (~> 1.9.6)
      rake
    sinatra (1.4.8)
      rack (~> 1.5)
      rack-protection (~> 1.4)
      tilt (>= 1.3, < 3)
    sinatra-asset-pipeline (0.7.0)
      coffee-script (~> 2.3)
      rake (~> 10.0)
      sass (~> 3.1)
      sinatra (~> 1.4)
      sprockets (~> 2.12)
      sprockets-helpers (~> 1.1)
      sprockets-sass (~> 1.2)
    slim (3.0.9)
      temple (>= 0.7.6, < 0.9)
      tilt (>= 1.3.3, < 2.1)
    sprockets (2.12.5)
      hike (~> 1.2)
      multi_json (~> 1.0)
      rack (~> 1.0)
      tilt (~> 1.1, != 1.3.0)
    sprockets-helpers (1.2.1)
      sprockets (>= 2.2)
    sprockets-sass (1.3.1)
      sprockets (~> 2.0)
      tilt (~> 1.1)
    temple (0.8.0)
    therubyracer (0.12.3)
      libv8 (~> 3.16.14.15)
      ref
    tilt (1.4.1)
    uglifier (4.1.20)
      execjs (>= 0.3.0, < 3)

PLATFORMS
  ruby

DEPENDENCIES
  bundler
  coffee-script
  puma
  rails-assets-bootswatch-dist (= 3.3.4.superhero)!
  rails-assets-jstree!
  rails-assets-jstree-bootstrap-theme!
  sassc
  sinatra
  sinatra-asset-pipeline (= 0.7.0)
  slim
  therubyracer
  uglifier

BUNDLED WITH
   1.17.2
